PATH
  remote: .
  specs:
    tcce (0.1.2)
      diplomat (~> 2.0, >= 2.5.1)

GEM
  remote: https://rubygems.org/
  specs:
    deep_merge (1.2.1)
    diplomat (2.5.1)
      deep_merge (~> 1.2)
      faraday (>= 0.9)
    docile (1.3.5)
    faraday (1.3.0)
      faraday-net_http (~> 1.0)
      multipart-post (>= 1.2, < 3)
      ruby2_keywords
    faraday-net_http (1.0.1)
    minitest (5.14.4)
    multipart-post (2.1.1)
    rake (13.0.3)
    ruby2_keywords (0.0.4)
    simplecov (0.21.2)
      docile (~> 1.1)
      simplecov-html (~> 0.11)
      simplecov_json_formatter (~> 0.1)
    simplecov-html (0.12.3)
    simplecov_json_formatter (0.1.2)

PLATFORMS
  ruby

DEPENDENCIES
  bundler (~> 1.16)
  minitest (~> 5.14.4)
  rake (~> 13.0)
  simplecov (~> 0.21.2)
  tcce!

BUNDLED WITH
   1.16.2
