PATH
  remote: .
  specs:
    tcce (0.1.0)
      diplomat (~> 2.0, >= 2.0.2)

GEM
  remote: https://rubygems.org/
  specs:
    diplomat (2.0.2)
      faraday (~> 0.9)
      json
    docile (1.3.1)
    faraday (0.15.2)
      multipart-post (>= 1.2, < 3)
    json (2.1.0)
    minitest (5.11.3)
    multipart-post (2.0.0)
    rake (10.5.0)
    simplecov (0.16.1)
      docile (~> 1.1)
      json (>= 1.8, < 3)
      simplecov-html (~> 0.10.0)
    simplecov-html (0.10.2)

PLATFORMS
  ruby

DEPENDENCIES
  bundler (~> 1.16)
  minitest (~> 5.0)
  rake (~> 10.0)
  simplecov (~> 0.16.1)
  tcce!

BUNDLED WITH
   1.16.2
